GIT
  remote: git://github.com/sosedoff/slack-notify.git
  revision: 16af88b65a74ea09917efcca49b916dcae2654bc
  specs:
    slack-notify (0.1.2)
      faraday (< 0.9.0)
      json (~> 1.8)

GEM
  remote: https://rubygems.org/
  specs:
    daemons (1.1.9)
    eventmachine (1.0.3)
    faraday (0.8.9)
      multipart-post (~> 1.2.0)
    json (1.8.1)
    multipart-post (1.2.0)
    rack (1.5.2)
    rack-protection (1.5.2)
      rack
    rake (10.1.1)
    sinatra (1.4.4)
      rack (~> 1.4)
      rack-protection (~> 1.4)
      tilt (~> 1.3, >= 1.3.4)
    thin (1.6.1)
      daemons (>= 1.0.9)
      eventmachine (>= 1.0.0)
      rack (>= 1.0.0)
    tilt (1.4.1)

PLATFORMS
  ruby

DEPENDENCIES
  rake
  sinatra
  slack-notify!
  thin
