GIT
  remote: git://github.com/sosedoff/slack-notify.git
  revision: 16af88b65a74ea09917efcca49b916dcae2654bc
  specs:
    slack-notify (0.1.2)
      faraday (< 0.9.0)
      json (~> 1.8)

GEM
  remote: https://rubygems.org/
  specs:
    addressable (2.3.5)
    crack (0.4.0)
      safe_yaml (~> 0.9.0)
    daemons (1.1.9)
    diff-lcs (1.2.5)
    docile (1.1.2)
    eventmachine (1.0.3)
    faraday (0.8.9)
      multipart-post (~> 1.2.0)
    json (1.8.1)
    multi_json (1.8.4)
    multipart-post (1.2.0)
    rack (1.5.2)
    rack-protection (1.5.2)
      rack
    rack-test (0.6.2)
      rack (>= 1.0)
    rake (10.1.1)
    rspec (2.14.1)
      rspec-core (~> 2.14.0)
      rspec-expectations (~> 2.14.0)
      rspec-mocks (~> 2.14.0)
    rspec-core (2.14.7)
    rspec-expectations (2.14.4)
      diff-lcs (>= 1.1.3, < 2.0)
    rspec-mocks (2.14.4)
    safe_yaml (0.9.4)
    simplecov (0.8.2)
      docile (~> 1.1.0)
      multi_json
      simplecov-html (~> 0.8.0)
    simplecov-html (0.8.0)
    sinatra (1.4.4)
      rack (~> 1.4)
      rack-protection (~> 1.4)
      tilt (~> 1.3, >= 1.3.4)
    thin (1.6.1)
      daemons (>= 1.0.9)
      eventmachine (>= 1.0.0)
      rack (>= 1.0.0)
    tilt (1.4.1)
    webmock (1.11.0)
      addressable (>= 2.2.7)
      crack (>= 0.3.2)

PLATFORMS
  ruby

DEPENDENCIES
  rack-test
  rake
  rspec
  simplecov
  sinatra
  slack-notify!
  thin
  webmock
